GIT
  remote: https://github.com/nukah/ljapi.git
  revision: 6bd44782bff4626b40db1bbe6f58d67deb9c9322
  branch: v2
  specs:
    ljapi (0.2.0)
      activerecord-tableless (~> 1.0)
      jeweler
      nokogiri
      rake
      rspec
      ruby-prof

GEM
  remote: http://rubygems.org/
  specs:
    activemodel (3.2.12)
      activesupport (= 3.2.12)
      builder (~> 3.0.0)
    activerecord (3.2.12)
      activemodel (= 3.2.12)
      activesupport (= 3.2.12)
      arel (~> 3.0.2)
      tzinfo (~> 0.3.29)
    activerecord-tableless (1.2.0)
      activerecord (>= 2.3.0)
    activesupport (3.2.12)
      i18n (~> 0.6)
      multi_json (~> 1.0)
    arel (3.0.2)
    builder (3.0.4)
    capistrano (2.13.5)
      highline
      net-scp (>= 1.0.0)
      net-sftp (>= 2.0.0)
      net-ssh (>= 2.0.14)
      net-ssh-gateway (>= 1.1.0)
    celluloid (0.12.3)
      facter (>= 1.6.12)
      timers (>= 1.0.0)
    chunky_png (1.2.6)
    coderay (1.0.8)
    compass (0.12.2)
      chunky_png (~> 1.2)
      fssm (>= 0.2.7)
      sass (~> 3.1)
    connection_pool (0.9.2)
    diff-lcs (1.1.3)
    facter (1.6.14)
    fssm (0.2.9)
    git (1.2.5)
    highline (1.6.15)
    hike (1.2.1)
    i18n (0.6.4)
    jeweler (1.8.4)
      bundler (~> 1.0)
      git (>= 1.2.5)
      rake
      rdoc
    json (1.7.7)
    method_source (0.8.1)
    multi_json (1.3.6)
    net-scp (1.0.4)
      net-ssh (>= 1.99.1)
    net-sftp (2.0.5)
      net-ssh (>= 2.0.9)
    net-ssh (2.6.1)
    net-ssh-gateway (1.1.0)
      net-ssh (>= 1.99.1)
    nokogiri (1.5.6)
    pry (0.9.10)
      coderay (~> 1.0.5)
      method_source (~> 0.8)
      slop (~> 3.3.1)
    rack (1.4.1)
    rake (0.9.2.2)
    rdoc (4.0.0)
      json (~> 1.4)
    redis (3.0.2)
    redis-namespace (1.2.1)
      redis (~> 3.0.0)
    rspec (2.11.0)
      rspec-core (~> 2.11.0)
      rspec-expectations (~> 2.11.0)
      rspec-mocks (~> 2.11.0)
    rspec-core (2.11.1)
    rspec-expectations (2.11.3)
      diff-lcs (~> 1.1.3)
    rspec-mocks (2.11.3)
    ruby-prof (0.12.2)
    rvm-capistrano (1.2.7)
      capistrano (>= 2.0.0)
    sass (3.2.1)
    sidekiq (2.5.1)
      celluloid (~> 0.12.0)
      compass
      connection_pool (~> 0.9.2)
      multi_json (~> 1)
      redis (~> 3)
      redis-namespace
      sass
      sprockets-sass
    slop (3.3.3)
    sprockets (2.8.1)
      hike (~> 1.2)
      multi_json (~> 1.0)
      rack (~> 1.0)
      tilt (~> 1.1, != 1.3.0)
    sprockets-sass (0.9.1)
      sprockets (~> 2.0)
      tilt (~> 1.1)
    tilt (1.3.3)
    timers (1.0.1)
    tzinfo (0.3.36)

PLATFORMS
  ruby

DEPENDENCIES
  capistrano
  ljapi!
  pry
  rake
  rspec
  rvm-capistrano
  sidekiq
